GEM
  remote: https://rubygems.org/
  specs:
    highline (1.7.2)

PLATFORMS
  ruby

DEPENDENCIES
  highline (~> 1.7.2)

BUNDLED WITH
   1.10.5
